GEM
  remote: http://rubygems.org/
  specs:
    addressable (2.2.6)
    bouncy-castle-java (1.5.0146.1)
    crack (0.3.1)
    diff-lcs (1.1.3)
    jruby-openssl (0.7.4)
      bouncy-castle-java
    json (1.6.4)
    json (1.6.4-java)
    mime-types (1.17.2)
    multi_json (1.0.4)
    oauth (0.4.5)
    rake (0.9.2.2)
    rest-client (1.6.7)
      mime-types (>= 1.16)
    rspec (2.8.0)
      rspec-core (~> 2.8.0)
      rspec-expectations (~> 2.8.0)
      rspec-mocks (~> 2.8.0)
    rspec-core (2.8.0)
    rspec-expectations (2.8.0)
      diff-lcs (~> 1.1.2)
    rspec-mocks (2.8.0)
    simplecov (0.5.4)
      multi_json (~> 1.0.3)
      simplecov-html (~> 0.5.3)
    simplecov-html (0.5.3)
    webmock (1.7.10)
      addressable (~> 2.2, > 2.2.5)
      crack (>= 0.1.7)

PLATFORMS
  java
  ruby
  x86-mingw32

DEPENDENCIES
  addressable
  jruby-openssl
  json
  oauth
  rake
  rest-client
  rspec
  simplecov
  webmock
